GEM
  remote: http://rubygems.org/
  specs:
    rydux (0.9.4)

PLATFORMS
  x86-mingw32

DEPENDENCIES
  rydux (~> 0.9.4)

BUNDLED WITH
   1.16.4
